GEM
  remote: https://rubygems.org/
  specs:
    classifier-reborn (2.0.4)
      fast-stemmer (~> 1.0)
    colorator (0.1)
    fast-stemmer (1.0.2)
    ffi (1.9.10)
    gsl (1.16.0.6)
    imagesize (0.1.1)
    jekyll (3.0.1)
      colorator (~> 0.1)
      jekyll-sass-converter (~> 1.0)
      jekyll-watch (~> 1.1)
      kramdown (~> 1.3)
      liquid (~> 3.0)
      mercenary (~> 0.3.3)
      rouge (~> 1.7)
      safe_yaml (~> 1.0)
    jekyll-itafroma-collapse_newlines (0.1.0)
    jekyll-paginate (1.1.0)
    jekyll-sass-converter (1.3.0)
      sass (~> 3.2)
    jekyll-watch (1.3.0)
      listen (~> 3.0)
    json (1.8.3)
    kramdown (1.9.0)
    liquid (3.0.6)
    listen (3.0.5)
      rb-fsevent (>= 0.9.3)
      rb-inotify (>= 0.9)
    mercenary (0.3.5)
    rake (10.4.2)
    rb-fsevent (0.9.6)
    rb-gsl (1.16.0.6)
      gsl
    rb-inotify (0.9.5)
      ffi (>= 0.5.0)
    redcarpet (3.3.3)
    rouge (1.10.1)
    safe_yaml (1.0.4)
    sass (3.4.19)
    term-ansicolor (1.3.2)
      tins (~> 1.0)
    tins (1.7.0)

PLATFORMS
  ruby

DEPENDENCIES
  classifier-reborn
  imagesize
  jekyll (>= 3)
  jekyll-itafroma-collapse_newlines
  jekyll-paginate
  json
  rake
  rb-gsl (~> 1.16)
  redcarpet
  term-ansicolor
